GEM
  remote: https://rubygems.org/
  specs:
    bio (1.5.0)

PLATFORMS
  ruby

DEPENDENCIES
  bio

BUNDLED WITH
   1.12.2
